GEM
  remote: https://rubygems.org/
  specs:
    chunky_png (1.2.9)
    colorize (0.6.0)
    compass (0.12.2)
      chunky_png (~> 1.2)
      fssm (>= 0.2.7)
      sass (~> 3.1)
    diffy (3.0.1)
    fssm (0.2.10)
    rake (10.1.1)
    sass (3.2.13)

PLATFORMS
  ruby

DEPENDENCIES
  colorize (~> 0.6.0)
  compass (~> 0.12.2)
  diffy (~> 3.0.1)
  rake
  sass (~> 3.2.1)
